PATH
  remote: .
  specs:
    reverse (0.0.1)

GEM
  remote: https://rubygems.org/
  specs:
    rake (12.3.1)
    rake-compiler (1.0.5)
      rake

PLATFORMS
  ruby

DEPENDENCIES
  rake-compiler
  reverse!

BUNDLED WITH
   1.16.1
